GEM
  remote: http://rubygems.org/
  specs:
    amq-client (0.8.6)
      amq-protocol (>= 0.8.4)
      eventmachine
    amq-protocol (0.8.4)
    amqp (0.8.3)
      amq-client (~> 0.8.6)
      amq-protocol (~> 0.8.4)
      eventmachine
    eventmachine (0.12.10)
    ffi (1.0.11)
    http_parser.rb (0.5.3)
    msgpack (0.4.6)
    rbtrace (0.3.17)
      ffi (>= 1.0.6)
      msgpack (>= 0.4.3)
      trollop (>= 1.16.2)
    trollop (1.16.2)
    yajl-ruby (1.1.0)

PLATFORMS
  ruby

DEPENDENCIES
  amqp
  eventmachine
  http_parser.rb
  rbtrace
  yajl-ruby
